GIT
  remote: git://github.com/brianmario/charlock_holmes.git
  revision: 35a3afe1341b975e99825ed2d35729d52ec3029d
  branch: bundle-icu
  specs:
    charlock_holmes (0.6.13)

GIT
  remote: git://github.com/ephox/resque-batched-job
  revision: dbf5ea9b1488764a837a2ad773d35e329280f0af
  specs:
    resque-batched-job (1.7.0)
      resque (>= 1.10.0)

GEM
  remote: http://rubygems.org/
  specs:
    addressable (2.3.2)
    awesome_print (1.1.0)
    aws-s3 (0.6.3)
      builder
      mime-types
      xml-simple
    builder (3.1.4)
    daemons (1.1.9)
    diff-lcs (1.1.3)
    ethon (0.5.7)
      ffi (~> 1.2.0)
      mime-types (~> 1.18)
    eventmachine (1.0.0)
    ffi (1.2.1)
    haml (3.1.7)
    json (1.7.6)
    mime-types (1.19)
    mock_redis (0.6.3)
    multi_json (1.5.0)
    nokogiri (1.5.6)
    rack (1.4.3)
    rack-protection (1.3.2)
      rack
    rake (10.0.3)
    redis (3.0.2)
    redis-namespace (1.2.1)
      redis (~> 3.0.0)
    resque (1.23.0)
      multi_json (~> 1.0)
      redis-namespace (~> 1.0)
      sinatra (>= 0.9.2)
      vegas (~> 0.1.2)
    rspec (2.12.0)
      rspec-core (~> 2.12.0)
      rspec-expectations (~> 2.12.0)
      rspec-mocks (~> 2.12.0)
    rspec-core (2.12.2)
    rspec-expectations (2.12.1)
      diff-lcs (~> 1.1.3)
    rspec-mocks (2.12.1)
    simplecov (0.7.1)
      multi_json (~> 1.0)
      simplecov-html (~> 0.7.1)
    simplecov-html (0.7.1)
    sinatra (1.3.3)
      rack (~> 1.3, >= 1.3.6)
      rack-protection (~> 1.2)
      tilt (~> 1.3, >= 1.3.3)
    thin (1.5.0)
      daemons (>= 1.0.9)
      eventmachine (>= 0.12.6)
      rack (>= 1.0.0)
    tilt (1.3.3)
    typhoeus (0.5.3)
      ethon (~> 0.5.3)
    vegas (0.1.11)
      rack (>= 1.0.0)
    xml-simple (1.1.2)

PLATFORMS
  ruby

DEPENDENCIES
  addressable
  awesome_print
  aws-s3
  charlock_holmes!
  haml
  json
  mock_redis
  nokogiri
  rake
  redis
  redis-namespace
  resque
  resque-batched-job!
  rspec
  rspec-core
  simplecov
  sinatra
  thin
  typhoeus (>= 0.5.1)
