GIT
  remote: git://github.com/ephox/resque-batched-job
  revision: dbf5ea9b1488764a837a2ad773d35e329280f0af
  specs:
    resque-batched-job (1.7.0)
      resque (>= 1.10.0)

GEM
  remote: http://rubygems.org/
  specs:
    addressable (2.3.4)
    awesome_print (1.1.0)
    aws-s3 (0.6.3)
      builder
      mime-types
      xml-simple
    builder (3.2.2)
    daemons (1.1.9)
    diff-lcs (1.2.4)
    ethon (0.5.12)
      ffi (>= 1.3.0)
      mime-types (~> 1.18)
    eventmachine (1.0.3)
    ffi (1.9.0)
    haml (4.0.3)
      tilt
    json (1.8.0)
    mime-types (1.23)
    mini_portile (0.5.0)
    mock_redis (0.7.0)
    mono_logger (1.1.0)
    multi_json (1.7.6)
    nokogiri (1.6.0)
      mini_portile (~> 0.5.0)
    rack (1.5.2)
    rack-protection (1.5.0)
      rack
    rake (10.0.4)
    redis (3.0.4)
    redis-namespace (1.3.0)
      redis (~> 3.0.0)
    resque (1.24.1)
      mono_logger (~> 1.0)
      multi_json (~> 1.0)
      redis-namespace (~> 1.2)
      sinatra (>= 0.9.2)
      vegas (~> 0.1.2)
    rspec (2.13.0)
      rspec-core (~> 2.13.0)
      rspec-expectations (~> 2.13.0)
      rspec-mocks (~> 2.13.0)
    rspec-core (2.13.1)
    rspec-expectations (2.13.0)
      diff-lcs (>= 1.1.3, < 2.0)
    rspec-mocks (2.13.1)
    simplecov (0.7.1)
      multi_json (~> 1.0)
      simplecov-html (~> 0.7.1)
    simplecov-html (0.7.1)
    sinatra (1.4.3)
      rack (~> 1.4)
      rack-protection (~> 1.4)
      tilt (~> 1.3, >= 1.3.4)
    thin (1.5.1)
      daemons (>= 1.0.9)
      eventmachine (>= 0.12.6)
      rack (>= 1.0.0)
    tilt (1.4.1)
    typhoeus (0.6.3)
      ethon (~> 0.5.11)
    vegas (0.1.11)
      rack (>= 1.0.0)
    xml-simple (1.1.2)

PLATFORMS
  ruby

DEPENDENCIES
  addressable
  awesome_print
  aws-s3
  haml
  json
  mock_redis
  nokogiri
  rake
  redis
  redis-namespace
  resque
  resque-batched-job!
  rspec
  rspec-core
  simplecov
  sinatra
  thin
  typhoeus (~> 0.6.3)
